GEM
  remote: http://rubygems.org/
  specs:
    abstract (1.0.0)
    actionmailer (3.0.0.beta3)
      actionpack (= 3.0.0.beta3)
      mail (~> 2.2.0)
      text-format (~> 1.0.0)
    actionpack (3.0.0.beta3)
      activemodel (= 3.0.0.beta3)
      activesupport (= 3.0.0.beta3)
      erubis (~> 2.6.5)
      rack (~> 1.1.0)
      rack-mount (~> 0.6.0)
      rack-test (~> 0.5.0)
    activemodel (3.0.0.beta3)
      activesupport (= 3.0.0.beta3)
    activerecord (3.0.0.beta3)
      activemodel (= 3.0.0.beta3)
      activesupport (= 3.0.0.beta3)
      arel (~> 0.3.3)
    activeresource (3.0.0.beta3)
      activemodel (= 3.0.0.beta3)
      activesupport (= 3.0.0.beta3)
    activesupport (3.0.0.beta3)
      builder (~> 2.1.2)
      i18n (~> 0.3.6)
      memcache-client (>= 1.7.5)
      tzinfo (~> 0.3.16)
    arel (0.3.3)
      activesupport (>= 3.0.0.beta)
    builder (2.1.2)
    capybara (0.4.0)
      celerity (>= 0.7.9)
      culerity (>= 0.2.4)
      mime-types (>= 1.16)
      nokogiri (>= 1.3.3)
      rack (>= 1.0.0)
      rack-test (>= 0.5.4)
      selenium-webdriver (>= 0.0.27)
      xpath (~> 0.1.2)
    celerity (0.8.6)
    childprocess (0.1.6)
      ffi (~> 0.6.3)
    cucumber (0.10.0)
      builder (>= 2.1.2)
      diff-lcs (~> 1.1.2)
      gherkin (~> 2.3.2)
      json (~> 1.4.6)
      term-ansicolor (~> 1.0.5)
    cucumber-rails (0.3.2)
      cucumber (>= 0.8.0)
    culerity (0.2.14)
    diff-lcs (1.1.2)
    erubis (2.6.6)
      abstract (>= 1.0.0)
    factory_girl (1.3.2)
    ffi (0.6.3)
      rake (>= 0.8.7)
    gherkin (2.3.3)
      json (~> 1.4.6)
    i18n (0.3.7)
    json (1.4.6)
    json_pure (1.4.6)
    mail (2.2.7)
      activesupport (>= 2.3.6)
      mime-types
      treetop (>= 1.4.5)
    memcache-client (1.8.5)
    mime-types (1.16)
    nokogiri (1.4.4)
    polyglot (0.3.1)
    rack (1.1.0)
    rack-mount (0.6.13)
      rack (>= 1.0.0)
    rack-test (0.5.7)
      rack (>= 1.0)
    rails (3.0.0.beta3)
      actionmailer (= 3.0.0.beta3)
      actionpack (= 3.0.0.beta3)
      activerecord (= 3.0.0.beta3)
      activeresource (= 3.0.0.beta3)
      activesupport (= 3.0.0.beta3)
      bundler (>= 0.9.19)
      railties (= 3.0.0.beta3)
    railties (3.0.0.beta3)
      actionpack (= 3.0.0.beta3)
      activesupport (= 3.0.0.beta3)
      rake (>= 0.8.3)
      thor (~> 0.13.4)
    rake (0.8.7)
    rspec (2.0.0.beta.7)
      rspec-core (= 2.0.0.beta.7)
      rspec-expectations (= 2.0.0.beta.7)
      rspec-mocks (= 2.0.0.beta.7)
    rspec-core (2.0.0.beta.7)
    rspec-expectations (2.0.0.beta.7)
    rspec-mocks (2.0.0.beta.7)
    rspec-rails (2.0.0.beta.7)
      rspec (= 2.0.0.beta.7)
      webrat (>= 0.7.0)
    rubyzip (0.9.4)
    selenium-webdriver (0.1.2)
      childprocess (~> 0.1.5)
      ffi (~> 0.6.3)
      json_pure
      rubyzip
    sqlite3-ruby (1.3.2)
    term-ansicolor (1.0.5)
    text-format (1.0.0)
      text-hyphen (~> 1.0.0)
    text-hyphen (1.0.0)
    thor (0.13.8)
    treetop (1.4.9)
      polyglot (>= 0.3.1)
    tzinfo (0.3.23)
    webrat (0.7.3)
      nokogiri (>= 1.2.0)
      rack (>= 1.0)
      rack-test (>= 0.5.3)
    xpath (0.1.2)
      nokogiri (~> 1.3)

PLATFORMS
  ruby

DEPENDENCIES
  capybara
  cucumber-rails
  factory_girl
  rails (= 3.0.0.beta3)
  rspec-rails (= 2.0.0.beta.7)
  sqlite3-ruby
